PATH
  remote: .
  specs:
    simplepay-rails4 (0.4.0)
      nokogiri

GEM
  remote: https://rubygems.org/
  specs:
    mini_portile (0.6.0)
    nokogiri (1.6.2.1)
      mini_portile (= 0.6.0)
    rake (10.1.0)
    redgreen (1.2.2)

PLATFORMS
  ruby

DEPENDENCIES
  rake
  redgreen
  simplepay-rails4!
